GEM
  remote: https://rubygems.org/
  specs:
    js (2.6.0)
    ruby_wasm (2.6.0)
    ruby_wasm (2.6.0-aarch64-linux)
    ruby_wasm (2.6.0-aarch64-linux-musl)
    ruby_wasm (2.6.0-arm64-darwin)
    ruby_wasm (2.6.0-x86_64-darwin)
    ruby_wasm (2.6.0-x86_64-linux)
    ruby_wasm (2.6.0-x86_64-linux-musl)
    slim (5.2.1)
      temple (~> 0.10.0)
      tilt (>= 2.1.0)
    temple (0.10.3)
    tilt (2.4.0)

PLATFORMS
  aarch64-linux
  aarch64-linux-musl
  arm64-darwin
  ruby
  x86_64-darwin
  x86_64-linux
  x86_64-linux-musl

DEPENDENCIES
  js (~> 2.6)
  ruby_wasm (~> 2.6)
  slim (~> 5.2)

BUNDLED WITH
   2.5.3
